PATH
  remote: .
  specs:
    topgg (1.1.0)

GEM
  remote: https://rubygems.org/
  specs:
    rake (13.0.6)

PLATFORMS
  x86_64-linux

DEPENDENCIES
  rake (~> 13.0)
  topgg!

BUNDLED WITH
   2.2.22
